PATH
  remote: .
  specs:
    pt_to_github (0.1.0)
      octokit

GEM
  remote: https://rubygems.org/
  specs:
    addressable (2.8.7)
      public_suffix (>= 2.0.2, < 7.0)
    faraday (2.12.0)
      faraday-net_http (>= 2.0, < 3.4)
      json
      logger
    faraday-net_http (3.3.0)
      net-http
    json (2.7.5)
    logger (1.6.1)
    net-http (0.4.1)
      uri
    octokit (9.2.0)
      faraday (>= 1, < 3)
      sawyer (~> 0.9)
    public_suffix (6.0.1)
    sawyer (0.9.2)
      addressable (>= 2.3.5)
      faraday (>= 0.17.3, < 3)
    uri (0.13.1)

PLATFORMS
  ruby
  x86_64-linux

DEPENDENCIES
  pt_to_github!

BUNDLED WITH
   2.5.10
